GEM
  remote: https://rubygems.org/
  specs:
    concurrent-ruby (1.1.5)
    faraday (0.15.4)
      multipart-post (>= 1.2, < 3)
    faraday-tracer (0.7.0)
      opentracing
    multipart-post (2.0.0)
    opentracing (0.5.0)
    semantic_logger (4.5.0)
      concurrent-ruby (~> 1.0)

PLATFORMS
  ruby

DEPENDENCIES
  faraday
  faraday-tracer
  opentracing
  semantic_logger

BUNDLED WITH
   1.17.2
