GEM
  remote: https://rubygems.org/
  specs:
    concurrent-ruby (1.1.5)
    ethon (0.12.0)
      ffi (>= 1.3.0)
    faraday (0.15.4)
      multipart-post (>= 1.2, < 3)
    ffi (1.10.0)
    little-plugger (1.1.4)
    logging (2.2.2)
      little-plugger (~> 1.1)
      multi_json (~> 1.10)
    multi_json (1.13.1)
    multipart-post (2.0.0)
    typhoeus (1.3.1)
      ethon (>= 0.9.0)

PLATFORMS
  ruby

DEPENDENCIES
  concurrent-ruby
  faraday
  logging
  typhoeus

BUNDLED WITH
   1.17.2
