GEM
  remote: https://rubygems.org/
  specs:
    concurrent-ruby (1.1.5)
    faraday (0.15.4)
      multipart-post (>= 1.2, < 3)
    multipart-post (2.0.0)
    semantic_logger (4.5.0)
      concurrent-ruby (~> 1.0)

PLATFORMS
  ruby

DEPENDENCIES
  faraday
  semantic_logger

BUNDLED WITH
   2.0.1
