GEM
  remote: https://rubygems.org/
  specs:
    concurrent-ruby (1.1.5)
    ethon (0.12.0)
      ffi (>= 1.3.0)
    faraday (0.15.4)
      multipart-post (>= 1.2, < 3)
    faraday_middleware (0.13.1)
      faraday (>= 0.7.4, < 1.0)
    ffi (1.10.0)
    multipart-post (2.0.0)
    semantic_logger (4.5.0)
      concurrent-ruby (~> 1.0)
    typhoeus (1.3.1)
      ethon (>= 0.9.0)

PLATFORMS
  ruby

DEPENDENCIES
  faraday
  faraday_middleware
  semantic_logger
  typhoeus

BUNDLED WITH
   1.17.2
